GEM
  remote: http://rubygems.org/
  specs:
    builder (3.0.0)

PLATFORMS
  java

DEPENDENCIES
  builder
